GEM
  remote: https://rubygems.org/
  specs:
    addressable (2.8.1)
      public_suffix (>= 2.0.2, < 6.0)
    bip_mnemonic (0.0.4)
    blake2b (0.10.0)
    buildkit (1.5.0)
      sawyer (>= 0.6)
    cardano_wallet (0.4.2)
      bip_mnemonic (= 0.0.4)
      httparty (~> 0.21.0)
    cbor (0.5.9.8)
    diff-lcs (1.5.0)
    faraday (2.7.1)
      faraday-net_http (>= 2.0, < 3.1)
      ruby2_keywords (>= 0.0.4)
    faraday-net_http (3.0.2)
    httparty (0.21.0)
      mini_mime (>= 1.0.0)
      multi_xml (>= 0.5.2)
    mini_mime (1.1.2)
    multi_xml (0.6.0)
    mustache (1.1.1)
    public_suffix (5.0.1)
    rake (12.3.3)
    rspec (3.11.0)
      rspec-core (~> 3.11.0)
      rspec-expectations (~> 3.11.0)
      rspec-mocks (~> 3.11.0)
    rspec-core (3.11.0)
      rspec-support (~> 3.11.0)
    rspec-expectations (3.11.1)
      diff-lcs (>= 1.2.0, < 2.0)
      rspec-support (~> 3.11.0)
    rspec-mocks (3.11.1)
      diff-lcs (>= 1.2.0, < 2.0)
      rspec-support (~> 3.11.0)
    rspec-support (3.11.1)
    ruby2_keywords (0.0.5)
    sawyer (0.9.2)
      addressable (>= 2.3.5)
      faraday (>= 0.17.3, < 3)

PLATFORMS
  ruby

DEPENDENCIES
  blake2b (= 0.10.0)
  buildkit (= 1.5)
  cardano_wallet (~> 0.4.2)
  cbor (= 0.5.9.8)
  mustache (= 1.1.1)
  rake (= 12.3.3)
  rspec (= 3.11.0)

BUNDLED WITH
   2.1.4
