GEM
  remote: https://rubygems.org/
  specs:
    bip_mnemonic (0.0.4)
    blake2b (0.10.0)
    cardano_wallet (0.3.18)
      httparty (~> 0.18.0)
    cbor (0.5.9.6)
    diff-lcs (1.4.4)
    httparty (0.18.1)
      mime-types (~> 3.0)
      multi_xml (>= 0.5.2)
    mime-types (3.4.1)
      mime-types-data (~> 3.2015)
    mime-types-data (3.2022.0105)
    multi_xml (0.6.0)
    mustache (1.1.1)
    rake (12.3.3)
    rspec (3.10.0)
      rspec-core (~> 3.10.0)
      rspec-expectations (~> 3.10.0)
      rspec-mocks (~> 3.10.0)
    rspec-core (3.10.1)
      rspec-support (~> 3.10.0)
    rspec-expectations (3.10.1)
      diff-lcs (>= 1.2.0, < 2.0)
      rspec-support (~> 3.10.0)
    rspec-mocks (3.10.2)
      diff-lcs (>= 1.2.0, < 2.0)
      rspec-support (~> 3.10.0)
    rspec-support (3.10.2)

PLATFORMS
  ruby

DEPENDENCIES
  bip_mnemonic (= 0.0.4)
  blake2b (= 0.10.0)
  cardano_wallet (~> 0.3.18)
  cbor (= 0.5.9.6)
  mustache (= 1.1.1)
  rake (= 12.3.3)
  rspec (= 3.10.0)

BUNDLED WITH
   2.1.4
